STORAGE: NONE
RESTRICTION: == net9.0-windows7.0
NUGET
  remote: https://api.nuget.org/v3/index.json
    FSharp.Core (9.0.300)
    FSharpPlus (1.7)
    RunProcess (1.2)
