STORAGE: NONE
RESTRICTION: == net5.0-windows7.0
NUGET
  remote: https://api.nuget.org/v3/index.json
    FSharp.Core (5.0.1)
    RunProcess (1.2)
